GEM
  remote: https://rubygems.org/
  specs:
    citrus (3.0.2)
    configurate (0.5.0)
    ed25519 (1.3.0)
    faraday (2.5.2)
      faraday-net_http (>= 2.0, < 3.1)
      ruby2_keywords (>= 0.0.4)
    faraday-net_http (3.0.0)
    json (2.6.2)
    mustermann (2.0.2)
      ruby2_keywords (~> 0.0.1)
    rack (2.2.4)
    rack-protection (2.2.2)
      rack
    ruby2_keywords (0.0.5)
    sinatra (2.2.2)
      mustermann (~> 2.0)
      rack (~> 2.2)
      rack-protection (= 2.2.2)
      tilt (~> 2.0)
    tilt (2.0.11)
    toml-rb (2.2.0)
      citrus (~> 3.0, > 3.0)

PLATFORMS
  ruby

DEPENDENCIES
  configurate (~> 0.5.0)
  ed25519 (~> 1.3.0)
  faraday (~> 2.5.2)
  json (~> 2.6.2)
  sinatra (~> 2.2.2)
  toml-rb (~> 2.2.0)

BUNDLED WITH
   2.1.4
